GEM
  specs:

GEM
  remote: https://rubygems.org/
  specs:
    mini_portile2 (2.8.0)
    nokogiri (1.13.4)
      mini_portile2 (~> 2.8.0)
      racc (~> 1.4)
    parallel (1.18.0)
    racc (1.6.0)

PLATFORMS
  ruby

DEPENDENCIES
  nokogiri!
  parallel!

RUBY VERSION
   ruby 2.6.2p47

BUNDLED WITH
   2.0.2
